GEM
  remote: https://rubygems.org/
  specs:
    activesupport (5.0.1)
      concurrent-ruby (~> 1.0, >= 1.0.2)
      i18n (~> 0.7)
      minitest (~> 5.1)
      tzinfo (~> 1.1)
    addressable (2.5.0)
      public_suffix (~> 2.0, >= 2.0.2)
    ast (2.4.0)
    backport (1.1.2)
    backports (3.6.8)
    binding.repl (3.0.0)
    cd (1.0.1)
    clipboard (1.1.1)
    code (0.9.0)
      coderay (~> 1.1)
      method_source (~> 0.8, >= 0.8.2)
    coderay (1.1.1)
    coffee-script (2.4.1)
      coffee-script-source
      execjs
    coffee-script-source (1.12.2)
    compass-import-once (1.0.5)
      sass (>= 3.2, < 3.5)
    concurrent-ruby (1.0.4)
    contracts (0.13.0)
    debase (0.2.2)
      debase-ruby_core_source (>= 0.10.2)
    debase-ruby_core_source (0.10.4)
    debugging (1.1.1)
      binding.repl (~> 3.0)
      paint (>= 0.9, < 3.0)
    domain_name (0.5.20161129)
      unf (>= 0.0.5, < 1.0.0)
    dotenv (2.2.0)
    erubis (2.7.0)
    every_day_irb (2.0.0)
      cd (~> 1.0)
    execjs (2.7.0)
    facets (3.1.0)
    fancy_irb (1.1.0)
      paint (>= 0.9, < 3.0)
      unicode-display_width (~> 1.1)
    faraday (0.9.2)
      multipart-post (>= 1.2, < 3)
    faraday_middleware (0.9.2)
      faraday (>= 0.7.4, < 0.10)
    fast_blank (1.0.0)
    fastimage (2.1.0)
    ffi (1.9.17)
    gemoji (3.0.0)
    haml (4.0.7)
      tilt
    hamster (3.0.0)
      concurrent-ruby (~> 1.0)
    hashie (3.5.1)
    hirb (0.7.3)
    hpricot (0.8.6)
    htmlentities (4.3.4)
    http (2.2.0)
      addressable (~> 2.3)
      http-cookie (~> 1.0)
      http-form_data (~> 1.0.1)
      http_parser.rb (~> 0.6.0)
    http-cookie (1.0.3)
      domain_name (~> 0.5)
    http-form_data (1.0.1)
    http_parser.rb (0.6.0)
    httpclient (2.8.3)
    i18n (0.7.0)
    instance (0.2.0)
    interactive_editor (0.0.10)
      spoon (>= 0.0.1)
    irbtools (2.2.1)
      binding.repl (~> 3.0)
      clipboard (~> 1.1)
      code (~> 0.9)
      coderay (~> 1.1)
      debugging (~> 1.1)
      every_day_irb (~> 2.0)
      fancy_irb (~> 1.1)
      hirb (~> 0.7, >= 0.7.3)
      instance (~> 0.2)
      interactive_editor (~> 0.0, >= 0.0.10)
      method_locator (~> 0.0, >= 0.0.4)
      methodfinder (~> 2.0)
      ori (~> 0.1.0)
      os
      paint (>= 0.9, < 3.0)
      ruby_engine (~> 1.0)
      ruby_info (~> 1.0)
      ruby_version (~> 1.0)
      wirb (~> 2.0)
    jaro_winkler (1.5.3)
    json (2.0.3)
    kramdown (1.13.2)
    listen (3.0.8)
      rb-fsevent (~> 0.9, >= 0.9.4)
      rb-inotify (~> 0.9, >= 0.9.7)
    lolcat (99.9.21)
      manpages (~> 0.6.1)
      optimist (~> 3.0.0)
      paint (~> 2.0.0)
    manpages (0.6.1)
    memoist (0.15.0)
    method_locator (0.0.4)
    method_source (0.8.2)
    methodfinder (2.0.0)
    middleman (4.2.1)
      coffee-script (~> 2.2)
      compass-import-once (= 1.0.5)
      haml (>= 4.0.5)
      kramdown (~> 1.2)
      middleman-cli (= 4.2.1)
      middleman-core (= 4.2.1)
      sass (>= 3.4.0, < 4.0)
    middleman-cli (4.2.1)
      thor (>= 0.17.0, < 2.0)
    middleman-core (4.2.1)
      activesupport (>= 4.2, < 5.1)
      addressable (~> 2.3)
      backports (~> 3.6)
      bundler (~> 1.1)
      contracts (~> 0.13.0)
      dotenv
      erubis
      execjs (~> 2.0)
      fast_blank
      fastimage (~> 2.0)
      hamster (~> 3.0)
      hashie (~> 3.4)
      i18n (~> 0.7.0)
      listen (~> 3.0.0)
      memoist (~> 0.14)
      padrino-helpers (~> 0.13.0)
      parallel
      rack (>= 1.4.5, < 3)
      sass (>= 3.4)
      servolux
      tilt (~> 2.0)
      uglifier (~> 3.0)
    mime-types (3.1)
      mime-types-data (~> 3.2015)
    mime-types-data (3.2016.0521)
    mini_portile2 (2.4.0)
    minitest (5.10.1)
    multipart-post (2.0.0)
    mustache (1.0.3)
    net-scp (1.2.1)
      net-ssh (>= 2.6.5)
    net-ssh (4.0.1)
    netrc (0.11.0)
    nokogiri (1.10.4)
      mini_portile2 (~> 2.4.0)
    oauth (0.5.1)
    optimist (3.0.0)
    ori (0.1.0)
    os (0.9.6)
    padrino-helpers (0.13.3.3)
      i18n (~> 0.6, >= 0.6.7)
      padrino-support (= 0.13.3.3)
      tilt (>= 1.4.1, < 3)
    padrino-support (0.13.3.3)
      activesupport (>= 3.1)
    paint (2.0.3)
    parallel (1.11.1)
    parser (2.6.5.0)
      ast (~> 2.4.0)
    plist (3.2.0)
    public_suffix (2.0.5)
    rack (2.0.7)
    rainbow (3.0.0)
    rake (12.3.2)
    rb-fsevent (0.9.8)
    rb-inotify (0.9.8)
      ffi (>= 0.5.0)
    rdiscount (2.2.0.1)
    representable (2.3.0)
      uber (~> 0.0.7)
    rest-client (2.0.0)
      http-cookie (>= 1.0.2, < 2.0)
      mime-types (>= 1.16, < 4.0)
      netrc (~> 0.8)
    reverse_markdown (1.3.0)
      nokogiri
    ronn (0.7.3)
      hpricot (>= 0.8.2)
      mustache (>= 0.7.0)
      rdiscount (>= 1.5.8)
    rubocop (0.76.0)
      jaro_winkler (~> 1.5.1)
      parallel (~> 1.10)
      parser (>= 2.6)
      rainbow (>= 2.2.2, < 4.0)
      ruby-progressbar (~> 1.7)
      unicode-display_width (>= 1.4.0, < 1.7)
    ruby-debug-ide (0.6.1)
      rake (>= 0.8.1)
    ruby-progressbar (1.10.1)
    ruby_engine (1.0.1)
    ruby_info (1.0.1)
    ruby_version (1.0.1)
    rushover (0.3.0)
      json
      rest-client
    sass (3.4.23)
    sassc (2.0.0)
      ffi (~> 1.9.6)
      rake
    servolux (0.13.0)
    simple_oauth (0.3.1)
    slim (3.0.7)
      temple (~> 0.7.6)
      tilt (>= 1.3.3, < 2.1)
    socksify (1.7.0)
    solargraph (0.37.2)
      backport (~> 1.1)
      bundler (>= 1.17.2)
      htmlentities (~> 4.3, >= 4.3.4)
      jaro_winkler (~> 1.5)
      nokogiri (~> 1.9, >= 1.9.1)
      parser (~> 2.3)
      reverse_markdown (~> 1.0, >= 1.0.5)
      rubocop (~> 0.52)
      thor (~> 0.19, >= 0.19.4)
      tilt (~> 2.0)
      yard (~> 0.9)
    spoon (0.0.6)
      ffi
    suncalc (1.0.1)
    symbolized (0.0.1)
    taglib-ruby (0.7.1)
    temple (0.7.7)
    thor (0.19.4)
    thread_safe (0.3.5)
    tilt (2.0.6)
    tinify (1.5.0)
      httpclient (~> 2.6)
    tumblr_client (0.8.5)
      faraday (~> 0.9.0)
      faraday_middleware (~> 0.9.0)
      json
      mime-types
      oauth
      simple_oauth
    tzinfo (1.2.2)
      thread_safe (~> 0.1)
    uber (0.0.15)
    uglifier (3.1.10)
      execjs (>= 0.3.0, < 3)
    unf (0.1.4)
      unf_ext
    unf_ext (0.0.7.2)
    unicode-display_width (1.6.0)
    unicode_utils (1.4.0)
    wirb (2.1.2)
      paint (>= 0.9, < 3.0)
    yard (0.9.8)

PLATFORMS
  ruby

DEPENDENCIES
  bundler
  debase
  facets
  gemoji
  htmlentities
  http
  irbtools
  json
  lolcat
  middleman
  minitest
  net-scp
  net-ssh
  nokogiri
  oauth
  plist
  representable
  ronn
  ruby-debug-ide
  rushover
  sass
  sassc
  slim
  socksify
  solargraph
  suncalc
  symbolized
  taglib-ruby
  tinify
  tumblr_client
  unicode_utils
  yard
